PATH
  remote: .
  specs:
    testtestytest (1)

GEM
  remote: https://geminabox.37signals.com/
  specs:

PLATFORMS
  ruby

DEPENDENCIES
  testtestytest!
