PATH
  remote: .
  specs:
    testtestytest (1.0.10)

GEM
  remote: https://gems:mai9welv6on7is6z@geminabox.37signals.com/
  specs:

PLATFORMS
  ruby

DEPENDENCIES
  testtestytest!

BUNDLED WITH
   1.12.5
